GIT
  remote: git://github.com/bernat/best_in_place.git
  revision: df178520bf9ba405baee9528d5dbb630d6ff760c
  specs:
    best_in_place (2.1.0)
      jquery-rails
      rails (>= 3.1)

GIT
  remote: git://github.com/rdy/fixture_builder.git
  revision: a58e8217260a7a4d420e6dbe8a53283e68efefcd
  specs:
    fixture_builder (0.3.5)
      activerecord (>= 2)
      activesupport (>= 2)

GIT
  remote: git://github.com/rspec/rspec-core.git
  revision: e1ce776cebef5178c8de42be4e47731f5ac87c0e
  specs:
    rspec-core (2.13.1)

GIT
  remote: git://github.com/rspec/rspec-rails.git
  revision: 06782b199a35bacf0a3283fd2c47f61bd536bdb2
  specs:
    rspec-rails (2.13.1)
      actionpack (>= 3.0)
      activesupport (>= 3.0)
      railties (>= 3.0)
      rspec-core (~> 2.13.0)
      rspec-expectations (~> 2.13.0)
      rspec-mocks (~> 2.13.0)

GIT
  remote: git://github.com/thoughtbot/shoulda-matchers.git
  revision: 7a6803c3fb5980f7ebc57351e84ba86cc24118d8
  branch: dp-rails-four
  specs:
    shoulda-matchers (2.1.0)
      activesupport (>= 3.0.0)

GEM
  remote: https://rubygems.org/
  specs:
    actionmailer (4.0.0.rc1)
      actionpack (= 4.0.0.rc1)
      mail (~> 2.5.3)
    actionpack (4.0.0.rc1)
      activesupport (= 4.0.0.rc1)
      builder (~> 3.1.0)
      erubis (~> 2.7.0)
      rack (~> 1.5.2)
      rack-test (~> 0.6.2)
    activemodel (4.0.0.rc1)
      activesupport (= 4.0.0.rc1)
      builder (~> 3.1.0)
    activerecord (4.0.0.rc1)
      activemodel (= 4.0.0.rc1)
      activerecord-deprecated_finders (~> 1.0.2)
      activesupport (= 4.0.0.rc1)
      arel (~> 4.0.0)
    activerecord-deprecated_finders (1.0.2)
    activesupport (4.0.0.rc1)
      i18n (~> 0.6, >= 0.6.4)
      minitest (~> 4.2)
      multi_json (~> 1.3)
      thread_safe (~> 0.1)
      tzinfo (~> 0.3.37)
    arel (4.0.0)
    asset_sync (0.5.4)
      activemodel
      fog
    atomic (1.1.9)
    bcrypt-ruby (3.0.1)
    bloggy (0.2.1)
      jekyll
      rack-contrib
      rails
      rdiscount
    bootstrap-sass (2.3.1.2)
      sass (~> 3.2)
    builder (3.1.4)
    capybara (2.1.0)
      mime-types (>= 1.16)
      nokogiri (>= 1.3.3)
      rack (>= 1.0.0)
      rack-test (>= 0.5.4)
      xpath (~> 2.0)
    celluloid (0.14.0)
      timers (>= 1.0.0)
    classifier (1.3.3)
      fast-stemmer (>= 1.0.0)
    coffee-rails (4.0.0)
      coffee-script (>= 2.2.0)
      railties (>= 4.0.0.beta, < 5.0)
    coffee-script (2.2.0)
      coffee-script-source
      execjs
    coffee-script-source (1.6.2)
    colorator (0.1)
    commander (4.1.3)
      highline (~> 1.6.11)
    connection_pool (1.0.0)
    d3_rails (3.1.9)
      railties (>= 3.1.0)
    dalli (2.6.4)
    devise (3.0.0.rc)
      bcrypt-ruby (~> 3.0)
      orm_adapter (~> 0.1)
      railties (>= 3.2.6, < 5)
      warden (~> 1.2.1)
    diff-lcs (1.2.4)
    directory_watcher (1.4.1)
    erubis (2.7.0)
    excon (0.22.1)
    execjs (1.4.0)
      multi_json (~> 1.0)
    fast-stemmer (1.0.2)
    fog (1.11.1)
      builder
      excon (~> 0.20)
      formatador (~> 0.2.0)
      json (~> 1.7)
      mime-types
      net-scp (~> 1.1)
      net-ssh (>= 2.1.3)
      nokogiri (~> 1.5.0)
      ruby-hmac
    formatador (0.2.4)
    fullcalendar-rails (1.5.4.0)
    heroku-api (0.3.11)
      excon (~> 0.22.1)
    highline (1.6.19)
    hike (1.2.2)
    hirefire-resource (0.1.1)
    i18n (0.6.4)
    intercom-rails (0.2.20)
      activesupport (> 3.0)
    jekyll (1.0.2)
      classifier (~> 1.3)
      colorator (~> 0.1)
      commander (~> 4.1.3)
      directory_watcher (~> 1.4.1)
      kramdown (~> 1.0.2)
      liquid (~> 2.3)
      maruku (~> 0.5)
      pygments.rb (~> 0.5.0)
      safe_yaml (~> 0.7.0)
    jquery-rails (2.2.1)
      railties (>= 3.0, < 5.0)
      thor (>= 0.14, < 2.0)
    jquery-turbolinks (1.0.0)
      railties (>= 3.1.0)
      turbolinks
    jquery-ui-rails (4.0.3)
      jquery-rails
      railties (>= 3.1.0)
    json (1.8.0)
    kgio (2.8.0)
    kramdown (1.0.2)
    liquid (2.5.0)
    mail (2.5.3)
      i18n (>= 0.4.0)
      mime-types (~> 1.16)
      treetop (~> 1.4.8)
    maruku (0.6.1)
      syntax (>= 1.0.0)
    memcachier (0.0.2)
    mime-types (1.23)
    minitest (4.7.4)
    multi_json (1.7.3)
    net-scp (1.1.1)
      net-ssh (>= 2.6.5)
    net-ssh (2.6.7)
    newrelic_rpm (3.6.2.96)
    nokogiri (1.5.9)
    orm_adapter (0.4.0)
    pg (0.15.1)
    polyglot (0.3.3)
    posix-spawn (0.3.6)
    pygments.rb (0.5.0)
      posix-spawn (~> 0.3.6)
      yajl-ruby (~> 1.1.0)
    quiet_assets (1.0.2)
      railties (>= 3.1, < 5.0)
    rack (1.5.2)
    rack-contrib (1.1.0)
      rack (>= 0.9.1)
    rack-protection (1.5.0)
      rack
    rack-test (0.6.2)
      rack (>= 1.0)
    rails (4.0.0.rc1)
      actionmailer (= 4.0.0.rc1)
      actionpack (= 4.0.0.rc1)
      activerecord (= 4.0.0.rc1)
      activesupport (= 4.0.0.rc1)
      bundler (>= 1.3.0, < 2.0)
      railties (= 4.0.0.rc1)
      sprockets-rails (~> 2.0.0.rc4)
    railties (4.0.0.rc1)
      actionpack (= 4.0.0.rc1)
      activesupport (= 4.0.0.rc1)
      rake (>= 0.8.7)
      thor (>= 0.18.1, < 2.0)
    raindrops (0.11.0)
    rake (10.0.4)
    rdiscount (2.0.7.3)
    redis (3.0.4)
    redis-namespace (1.3.0)
      redis (~> 3.0.0)
    rest-client (1.6.7)
      mime-types (>= 1.16)
    rspec-expectations (2.13.0)
      diff-lcs (>= 1.1.3, < 2.0)
    rspec-mocks (2.13.1)
    ruby-hmac (0.4.0)
    safe_yaml (0.7.1)
    sass (3.2.9)
    sass-rails (4.0.0.rc1)
      railties (>= 4.0.0.beta, < 5.0)
      sass (>= 3.1.10)
      sprockets-rails (~> 2.0.0.rc0)
      tilt (~> 1.3)
    sidekiq (2.12.0)
      celluloid (>= 0.14.0)
      connection_pool (>= 1.0.0)
      json
      redis (>= 3.0)
      redis-namespace
    sinatra (1.4.2)
      rack (~> 1.5, >= 1.5.2)
      rack-protection (~> 1.4)
      tilt (~> 1.3, >= 1.3.4)
    slim (2.0.0)
      temple (~> 0.6.5)
      tilt (~> 1.3, >= 1.3.3)
    sprockets (2.9.3)
      hike (~> 1.2)
      multi_json (~> 1.0)
      rack (~> 1.0)
      tilt (~> 1.1, != 1.3.0)
    sprockets-rails (2.0.0.rc4)
      actionpack (>= 3.0)
      activesupport (>= 3.0)
      sprockets (~> 2.8)
    stripe (1.8.3)
      multi_json (>= 1.0.4, < 2)
      rest-client (~> 1.4)
    syntax (1.0.0)
    temple (0.6.5)
    thor (0.18.1)
    thread_safe (0.1.0)
      atomic
    tilt (1.3.7)
    timers (1.1.0)
    treetop (1.4.12)
      polyglot
      polyglot (>= 0.3.1)
    turbolinks (1.1.1)
      coffee-rails
    tzinfo (0.3.37)
    uglifier (2.1.1)
      execjs (>= 0.3.0)
      multi_json (~> 1.0, >= 1.0.2)
    unicorn (4.6.2)
      kgio (~> 2.6)
      rack
      raindrops (~> 0.7)
    warden (1.2.1)
      rack (>= 1.0)
    will_paginate (3.0.4)
    xpath (2.0.0)
      nokogiri (~> 1.3)
    yajl-ruby (1.1.0)

PLATFORMS
  ruby

DEPENDENCIES
  asset_sync (~> 0.5.4)
  best_in_place!
  bloggy (~> 0.2.1)
  bootstrap-sass (= 2.3.1.2)
  capybara
  coffee-rails (~> 4.0.0)
  d3_rails (~> 3.1.9)
  dalli (~> 2.6.4)
  devise (~> 3.0.0.rc)
  fixture_builder!
  fullcalendar-rails (~> 1.5.4.0)
  heroku-api (~> 0.3.11)
  hirefire-resource (~> 0.1.1)
  intercom-rails (~> 0.2.20)
  jquery-rails (~> 2.2.1)
  jquery-turbolinks (~> 1.0.0)
  jquery-ui-rails (~> 4.0.3)
  memcachier (~> 0.0.2)
  newrelic_rpm (~> 3.6.2.96)
  pg (~> 0.15.1)
  quiet_assets
  rails (~> 4.0.0.rc1)
  rspec-core!
  rspec-rails!
  sass-rails (~> 4.0.0.rc1)
  shoulda-matchers!
  sidekiq (~> 2.12.0)
  sinatra (~> 1.4.2)
  slim (~> 2.0.0)
  stripe (~> 1.8.3)
  turbolinks (~> 1.1.1)
  uglifier (>= 2.1.1)
  unicorn (~> 4.6.0)
  will_paginate (~> 3.0.4)
